GIT
  remote: https://github.com/globalize/globalize.git
  revision: 8af95a12a0dc76bfdd88762f892dbf5c5a47c6af
  specs:
    globalize (5.3.0)
      activemodel (>= 4.2, < 6.1)
      activerecord (>= 4.2, < 6.1)
      request_store (~> 1.0)

GEM
  remote: https://rubygems.org/
  specs:
    actioncable (5.2.4.2)
      actionpack (= 5.2.4.2)
      nio4r (~> 2.0)
      websocket-driver (>= 0.6.1)
    actionmailer (5.2.4.2)
      actionpack (= 5.2.4.2)
      actionview (= 5.2.4.2)
      activejob (= 5.2.4.2)
      mail (~> 2.5, >= 2.5.4)
      rails-dom-testing (~> 2.0)
    actionpack (5.2.4.2)
      actionview (= 5.2.4.2)
      activesupport (= 5.2.4.2)
      rack (~> 2.0, >= 2.0.8)
      rack-test (>= 0.6.3)
      rails-dom-testing (~> 2.0)
      rails-html-sanitizer (~> 1.0, >= 1.0.2)
    actionview (5.2.4.2)
      activesupport (= 5.2.4.2)
      builder (~> 3.1)
      erubi (~> 1.4)
      rails-dom-testing (~> 2.0)
      rails-html-sanitizer (~> 1.0, >= 1.0.3)
    active_model_serializers (0.10.10)
      actionpack (>= 4.1, < 6.1)
      activemodel (>= 4.1, < 6.1)
      case_transform (>= 0.2)
      jsonapi-renderer (>= 0.1.1.beta1, < 0.3)
    activejob (5.2.4.2)
      activesupport (= 5.2.4.2)
      globalid (>= 0.3.6)
    activemodel (5.2.4.2)
      activesupport (= 5.2.4.2)
    activemodel-serializers-xml (1.0.2)
      activemodel (> 5.x)
      activesupport (> 5.x)
      builder (~> 3.1)
    activerecord (5.2.4.2)
      activemodel (= 5.2.4.2)
      activesupport (= 5.2.4.2)
      arel (>= 9.0)
    activestorage (5.2.4.2)
      actionpack (= 5.2.4.2)
      activerecord (= 5.2.4.2)
      marcel (~> 0.3.1)
    activesupport (5.2.4.2)
      concurrent-ruby (~> 1.0, >= 1.0.2)
      i18n (>= 0.7, < 2)
      minitest (~> 5.1)
      tzinfo (~> 1.1)
    addressable (2.7.0)
      public_suffix (>= 2.0.2, < 5.0)
    airbrussh (1.4.0)
      sshkit (>= 1.6.1, != 1.7.0)
    akami (1.3.1)
      gyoku (>= 0.4.0)
      nokogiri
    archive-zip (0.12.0)
      io-like (~> 0.3.0)
    arel (9.0.0)
    ast (2.4.0)
    bcrypt (3.1.13)
    benchmark-ips (2.7.2)
    bindex (0.8.1)
    bootstrap-glyphicons (0.0.1)
      railties (>= 3.0)
      sass (>= 3.2)
    browser (4.0.0)
    builder (3.2.4)
    byebug (11.1.1)
    capistrano (3.13.0)
      airbrussh (>= 1.0.0)
      i18n
      rake (>= 10.0.0)
      sshkit (>= 1.9.0)
    capistrano-bundler (1.6.0)
      capistrano (~> 3.1)
    capistrano-figaro-yml (1.0.5)
      capistrano (~> 3.1)
      sshkit (~> 1.2, >= 1.2.0)
    capistrano-nvm (0.0.7)
      capistrano (~> 3.1)
    capistrano-rails (1.4.0)
      capistrano (~> 3.1)
      capistrano-bundler (~> 1.1)
    capistrano-rvm (0.1.2)
      capistrano (~> 3.0)
      sshkit (~> 1.2)
    capistrano-yarn (2.0.2)
      capistrano (~> 3.0)
    capistrano3-delayed-job (1.7.6)
      capistrano (~> 3.0, >= 3.0.0)
      daemons (~> 1.3)
    capistrano3-puma (4.0.0)
      capistrano (~> 3.7)
      capistrano-bundler
      puma (~> 4.0)
    capybara (3.32.1)
      addressable
      mini_mime (>= 0.1.3)
      nokogiri (~> 1.8)
      rack (>= 1.6.0)
      rack-test (>= 0.6.3)
      regexp_parser (~> 1.5)
      xpath (~> 3.2)
    carrierwave (2.1.0)
      activemodel (>= 5.0.0)
      activesupport (>= 5.0.0)
      addressable (~> 2.6)
      image_processing (~> 1.1)
      mimemagic (>= 0.3.0)
      mini_mime (>= 0.1.3)
    case_transform (0.2)
      activesupport
    childprocess (3.0.0)
    chromedriver-helper (2.1.1)
      archive-zip (~> 0.10)
      nokogiri (~> 1.8)
    chronic (0.10.2)
    coderay (1.1.2)
    coffee-rails (5.0.0)
      coffee-script (>= 2.2.0)
      railties (>= 5.2.0)
    coffee-script (2.4.1)
      coffee-script-source
      execjs
    coffee-script-source (1.12.2)
    concurrent-ruby (1.1.6)
    crass (1.0.6)
    curb (0.9.10)
    daemons (1.3.1)
    database_cleaner (1.8.4)
    delayed_job (4.1.8)
      activesupport (>= 3.0, < 6.1)
    delayed_job_active_record (4.1.4)
      activerecord (>= 3.0, < 6.1)
      delayed_job (>= 3.0, < 5)
    derailed_benchmarks (1.7.0)
      benchmark-ips (~> 2)
      get_process_mem (~> 0)
      heapy (~> 0)
      memory_profiler (~> 0)
      mini_histogram (~> 0)
      rack (>= 1)
      rake (> 10, < 14)
      ruby-statistics (>= 2.1)
      thor (>= 0.19, < 2)
      unicode_plot (>= 0.0.4, < 1.0.0)
    devise (4.7.1)
      bcrypt (~> 3.0)
      orm_adapter (~> 0.1)
      railties (>= 4.1.0)
      responders
      warden (~> 1.2.3)
    diff-lcs (1.3)
    enumerable-statistics (2.0.1)
    erubi (1.9.0)
    erubis (2.7.0)
    execjs (2.7.0)
    factory_bot (5.1.2)
      activesupport (>= 4.2.0)
    factory_bot_rails (5.1.1)
      factory_bot (~> 5.1.0)
      railties (>= 4.2.0)
    faker (2.11.0)
      i18n (>= 1.6, < 2)
    faraday (1.0.1)
      multipart-post (>= 1.2, < 3)
    ffi (1.12.2)
    ffi-icu (0.2.0)
      ffi (~> 1.0, >= 1.0.9)
    figaro (1.1.1)
      thor (~> 0.14)
    font-awesome-rails (4.7.0.5)
      railties (>= 3.2, < 6.1)
    friendly_id (5.3.0)
      activerecord (>= 4.0.0)
    get_process_mem (0.2.5)
      ffi (~> 1.0)
    gibbon (3.3.3)
      faraday (>= 0.16.0)
      multi_json (>= 1.11.0)
    globalid (0.4.2)
      activesupport (>= 4.2.0)
    globalize-accessors (0.2.1)
      globalize (~> 5.0, >= 5.0.0)
    gyoku (1.3.1)
      builder (>= 2.1.2)
    haml (5.1.2)
      temple (>= 0.8.0)
      tilt
    haml-rails (2.0.1)
      actionpack (>= 5.1)
      activesupport (>= 5.1)
      haml (>= 4.0.6, < 6.0)
      html2haml (>= 1.0.1)
      railties (>= 5.1)
    hashids (1.0.5)
    heapy (0.1.4)
    highline (2.0.3)
    html2haml (2.2.0)
      erubis (~> 2.7.0)
      haml (>= 4.0, < 6)
      nokogiri (>= 1.6.0)
      ruby_parser (~> 3.5)
    httpi (2.4.4)
      rack
      socksify
    i18n (1.8.2)
      concurrent-ruby (~> 1.0)
    i18n-tasks (0.9.31)
      activesupport (>= 4.0.2)
      ast (>= 2.1.0)
      erubi
      highline (>= 2.0.0)
      i18n
      parser (>= 2.2.3.0)
      rails-i18n
      rainbow (>= 2.2.2, < 4.0)
      terminal-table (>= 1.5.1)
    image_processing (1.10.3)
      mini_magick (>= 4.9.5, < 5)
      ruby-vips (>= 2.0.17, < 3)
    io-like (0.3.1)
    jbuilder (2.10.0)
      activesupport (>= 5.0.0)
    jsonapi-renderer (0.2.2)
    launchy (2.5.0)
      addressable (~> 2.7)
    listen (3.1.5)
      rb-fsevent (~> 0.9, >= 0.9.4)
      rb-inotify (~> 0.9, >= 0.9.7)
      ruby_dep (~> 1.2)
    loofah (2.5.0)
      crass (~> 1.0.2)
      nokogiri (>= 1.5.9)
    mail (2.7.1)
      mini_mime (>= 0.1.1)
    marcel (0.3.3)
      mimemagic (~> 0.3.2)
    memory_profiler (0.9.14)
    metamagic (3.1.7)
      rails (>= 3.0.0)
    method_source (1.0.0)
    mimemagic (0.3.10)
      nokogiri (~> 1)
      rake
    mini_histogram (0.1.3)
    mini_magick (4.10.1)
    mini_mime (1.0.2)
    mini_portile2 (2.5.1)
    minitest (5.14.0)
    multi_json (1.14.1)
    multipart-post (2.1.1)
    net-scp (2.0.0)
      net-ssh (>= 2.6.5, < 6.0.0)
    net-ssh (5.2.0)
    newrelic_rpm (6.10.0.364)
    nio4r (2.5.2)
    nokogiri (1.11.4)
      mini_portile2 (~> 2.5.0)
      racc (~> 1.4)
    nori (2.6.0)
    orm_adapter (0.5.0)
    parser (2.7.1.1)
      ast (~> 2.4.0)
    petrovich (1.1.4)
    pg (1.2.3)
    pg_search (2.3.2)
      activerecord (>= 5.2)
      activesupport (>= 5.2)
    placeholdit (0.0.5)
    power_assert (1.1.7)
    pry (0.13.1)
      coderay (~> 1.1)
      method_source (~> 1.0)
    public_suffix (4.0.4)
    puma (4.3.3)
      nio4r (~> 2.0)
    racc (1.5.2)
    rack (2.2.2)
    rack-attack (6.2.2)
      rack (>= 1.0, < 3)
    rack-proxy (0.6.5)
      rack
    rack-test (1.1.0)
      rack (>= 1.0, < 3)
    rails (5.2.4.2)
      actioncable (= 5.2.4.2)
      actionmailer (= 5.2.4.2)
      actionpack (= 5.2.4.2)
      actionview (= 5.2.4.2)
      activejob (= 5.2.4.2)
      activemodel (= 5.2.4.2)
      activerecord (= 5.2.4.2)
      activestorage (= 5.2.4.2)
      activesupport (= 5.2.4.2)
      bundler (>= 1.3.0)
      railties (= 5.2.4.2)
      sprockets-rails (>= 2.0.0)
    rails-controller-testing (1.0.4)
      actionpack (>= 5.0.1.x)
      actionview (>= 5.0.1.x)
      activesupport (>= 5.0.1.x)
    rails-dom-testing (2.0.3)
      activesupport (>= 4.2.0)
      nokogiri (>= 1.6)
    rails-html-sanitizer (1.3.0)
      loofah (~> 2.3)
    rails-i18n (5.1.3)
      i18n (>= 0.7, < 2)
      railties (>= 5.0, < 6)
    rails-perftest (0.0.7)
    railties (5.2.4.2)
      actionpack (= 5.2.4.2)
      activesupport (= 5.2.4.2)
      method_source
      rake (>= 0.8.7)
      thor (>= 0.19.0, < 2.0)
    rainbow (3.0.0)
    rake (13.0.1)
    rb-fsevent (0.10.3)
    rb-inotify (0.10.1)
      ffi (~> 1.0)
    redcarpet (3.5.0)
    regexp_parser (1.7.0)
    request_store (1.5.0)
      rack (>= 1.4)
    responders (3.0.0)
      actionpack (>= 5.0)
      railties (>= 5.0)
    rollbar (2.15.5)
      multi_json
    rspec-core (3.9.1)
      rspec-support (~> 3.9.1)
    rspec-expectations (3.9.1)
      diff-lcs (>= 1.2.0, < 2.0)
      rspec-support (~> 3.9.0)
    rspec-mocks (3.9.1)
      diff-lcs (>= 1.2.0, < 2.0)
      rspec-support (~> 3.9.0)
    rspec-rails (4.0.0)
      actionpack (>= 4.2)
      activesupport (>= 4.2)
      railties (>= 4.2)
      rspec-core (~> 3.9)
      rspec-expectations (~> 3.9)
      rspec-mocks (~> 3.9)
      rspec-support (~> 3.9)
    rspec-support (3.9.2)
    ruby-prof (1.3.1)
    ruby-statistics (2.1.2)
    ruby-vips (2.0.17)
      ffi (~> 1.9)
    ruby_dep (1.5.0)
    ruby_parser (3.14.2)
      sexp_processor (~> 4.9)
    rubyzip (2.3.0)
    russian (0.6.0)
      i18n (>= 0.5.0)
    sass (3.7.4)
      sass-listen (~> 4.0.0)
    sass-listen (4.0.0)
      rb-fsevent (~> 0.9, >= 0.9.4)
      rb-inotify (~> 0.9, >= 0.9.7)
    sass-rails (6.0.0)
      sassc-rails (~> 2.1, >= 2.1.1)
    sassc (2.2.1)
      ffi (~> 1.9)
    sassc-rails (2.1.2)
      railties (>= 4.0.0)
      sassc (>= 2.0)
      sprockets (> 3.0)
      sprockets-rails
      tilt
    savon (2.12.0)
      akami (~> 1.2)
      builder (>= 2.1.2)
      gyoku (~> 1.2)
      httpi (~> 2.3)
      nokogiri (>= 1.8.1)
      nori (~> 2.4)
      wasabi (~> 3.4)
    selenium-webdriver (3.142.7)
      childprocess (>= 0.5, < 4.0)
      rubyzip (>= 1.2.2)
    semantic_range (2.3.0)
    sexp_processor (4.14.1)
    sitemap_generator (6.1.0)
      builder (~> 3.0)
    socksify (1.7.1)
    spring (2.1.0)
    spring-watcher-listen (2.0.1)
      listen (>= 2.7, < 4.0)
      spring (>= 1.2, < 3.0)
    sprockets (4.0.0)
      concurrent-ruby (~> 1.0)
      rack (> 1, < 3)
    sprockets-rails (3.2.1)
      actionpack (>= 4.0)
      activesupport (>= 4.0)
      sprockets (>= 3.0.0)
    sshkit (1.21.0)
      net-scp (>= 1.1.2)
      net-ssh (>= 2.8.0)
    stackprof (0.2.15)
    temple (0.8.2)
    terminal-table (1.8.0)
      unicode-display_width (~> 1.1, >= 1.1.1)
    test-unit (3.3.5)
      power_assert
    thor (0.20.3)
    thread_safe (0.3.6)
    tilt (2.0.10)
    translit (0.1.5)
    tzinfo (1.2.7)
      thread_safe (~> 0.1)
    uglifier (4.2.0)
      execjs (>= 0.3.0, < 3)
    unicode-display_width (1.7.0)
    unicode_plot (0.0.4)
      enumerable-statistics (>= 2.0.1)
    warden (1.2.8)
      rack (>= 2.0.6)
    wasabi (3.5.0)
      httpi (~> 2.0)
      nokogiri (>= 1.4.2)
    web-console (3.7.0)
      actionview (>= 5.0)
      activemodel (>= 5.0)
      bindex (>= 0.4.0)
      railties (>= 5.0)
    webpacker (5.0.1)
      activesupport (>= 5.2)
      rack-proxy (>= 0.6.1)
      railties (>= 5.2)
      semantic_range (>= 2.3.0)
    websocket-driver (0.7.1)
      websocket-extensions (>= 0.1.0)
    websocket-extensions (0.1.4)
    whenever (1.0.0)
      chronic (>= 0.6.3)
    will_paginate (3.3.0)
    xpath (3.2.0)
      nokogiri (~> 1.8)

PLATFORMS
  ruby

DEPENDENCIES
  active_model_serializers
  activemodel-serializers-xml
  bootstrap-glyphicons
  browser
  byebug
  capistrano
  capistrano-bundler
  capistrano-figaro-yml
  capistrano-nvm
  capistrano-rails
  capistrano-rvm
  capistrano-yarn
  capistrano3-delayed-job
  capistrano3-puma
  capybara
  carrierwave
  chromedriver-helper
  coffee-rails
  curb
  database_cleaner
  delayed_job_active_record
  derailed_benchmarks
  devise
  factory_bot_rails
  faker
  ffi-icu
  figaro
  font-awesome-rails
  friendly_id
  gibbon
  globalize!
  globalize-accessors
  haml-rails
  hashids
  i18n-tasks
  jbuilder
  launchy
  listen (~> 3.1.5)
  memory_profiler
  metamagic
  mini_magick
  newrelic_rpm
  petrovich
  pg
  pg_search
  placeholdit
  pry
  puma
  rack-attack
  rails (~> 5)
  rails-controller-testing
  rails-perftest
  redcarpet
  rollbar (= 2.15.5)
  rspec-rails
  ruby-prof
  russian
  sass-rails
  savon
  selenium-webdriver
  sitemap_generator
  spring
  spring-watcher-listen (~> 2.0.0)
  sprockets
  stackprof
  test-unit
  translit
  tzinfo-data
  uglifier
  web-console (>= 3.3.0)
  webpacker
  whenever
  will_paginate

RUBY VERSION
   ruby 2.5.5p157

BUNDLED WITH
   2.1.4
