GIT
  remote: https://github.com/globalize/globalize.git
  revision: 11f47cfee50d0442988b4e52f45eae4fce12f4e9
  specs:
    globalize (5.1.0.beta2)
      activemodel (>= 4.2, < 5.2)
      activerecord (>= 4.2, < 5.2)
      request_store (~> 1.0)

GEM
  remote: https://rubygems.org/
  specs:
    actioncable (5.1.4)
      actionpack (= 5.1.4)
      nio4r (~> 2.0)
      websocket-driver (~> 0.6.1)
    actionmailer (5.1.4)
      actionpack (= 5.1.4)
      actionview (= 5.1.4)
      activejob (= 5.1.4)
      mail (~> 2.5, >= 2.5.4)
      rails-dom-testing (~> 2.0)
    actionpack (5.1.4)
      actionview (= 5.1.4)
      activesupport (= 5.1.4)
      rack (~> 2.0)
      rack-test (>= 0.6.3)
      rails-dom-testing (~> 2.0)
      rails-html-sanitizer (~> 1.0, >= 1.0.2)
    actionview (5.1.4)
      activesupport (= 5.1.4)
      builder (~> 3.1)
      erubi (~> 1.4)
      rails-dom-testing (~> 2.0)
      rails-html-sanitizer (~> 1.0, >= 1.0.3)
    active_model_serializers (0.10.6)
      actionpack (>= 4.1, < 6)
      activemodel (>= 4.1, < 6)
      case_transform (>= 0.2)
      jsonapi-renderer (>= 0.1.1.beta1, < 0.2)
    activejob (5.1.4)
      activesupport (= 5.1.4)
      globalid (>= 0.3.6)
    activemodel (5.1.4)
      activesupport (= 5.1.4)
    activemodel-serializers-xml (1.0.2)
      activemodel (> 5.x)
      activesupport (> 5.x)
      builder (~> 3.1)
    activerecord (5.1.4)
      activemodel (= 5.1.4)
      activesupport (= 5.1.4)
      arel (~> 8.0)
    activesupport (5.1.4)
      concurrent-ruby (~> 1.0, >= 1.0.2)
      i18n (~> 0.7)
      minitest (~> 5.1)
      tzinfo (~> 1.1)
    addressable (2.5.2)
      public_suffix (>= 2.0.2, < 4.0)
    airbrussh (1.3.0)
      sshkit (>= 1.6.1, != 1.7.0)
    akami (1.3.1)
      gyoku (>= 0.4.0)
      nokogiri
    archive-zip (0.7.0)
      io-like (~> 0.3.0)
    arel (8.0.0)
    ast (2.3.0)
    bcrypt (3.1.11)
    benchmark-ips (2.7.2)
    bindex (0.5.0)
    bootstrap-glyphicons (0.0.1)
      railties (>= 3.0)
      sass (>= 3.2)
    bootsy (2.4.0)
      carrierwave (~> 1.0)
      mini_magick (~> 4.6)
    builder (3.2.3)
    byebug (9.1.0)
    capistrano (3.9.1)
      airbrussh (>= 1.0.0)
      i18n
      rake (>= 10.0.0)
      sshkit (>= 1.9.0)
    capistrano-bundler (1.3.0)
      capistrano (~> 3.1)
      sshkit (~> 1.2)
    capistrano-figaro-yml (1.0.5)
      capistrano (~> 3.1)
      sshkit (~> 1.2, >= 1.2.0)
    capistrano-nvm (0.0.7)
      capistrano (~> 3.1)
    capistrano-rails (1.3.0)
      capistrano (~> 3.1)
      capistrano-bundler (~> 1.1)
    capistrano-rvm (0.1.2)
      capistrano (~> 3.0)
      sshkit (~> 1.2)
    capistrano-yarn (2.0.2)
      capistrano (~> 3.0)
    capistrano3-puma (3.1.1)
      capistrano (~> 3.7)
      capistrano-bundler
      puma (~> 3.4)
    capybara (2.15.4)
      addressable
      mini_mime (>= 0.1.3)
      nokogiri (>= 1.3.3)
      rack (>= 1.0.0)
      rack-test (>= 0.5.4)
      xpath (~> 2.0)
    carrierwave (1.2.1)
      activemodel (>= 4.0.0)
      activesupport (>= 4.0.0)
      mime-types (>= 1.16)
    case_transform (0.2)
      activesupport
    childprocess (0.8.0)
      ffi (~> 1.0, >= 1.0.11)
    chromedriver-helper (1.1.0)
      archive-zip (~> 0.7.0)
      nokogiri (~> 1.6)
    chronic (0.10.2)
    coderay (1.1.2)
    coffee-rails (4.2.2)
      coffee-script (>= 2.2.0)
      railties (>= 4.0.0)
    coffee-script (2.4.1)
      coffee-script-source
      execjs
    coffee-script-source (1.12.2)
    concurrent-ruby (1.0.5)
    crass (1.0.2)
    curb (0.9.4)
    database_cleaner (1.6.1)
    delayed_job (4.1.3)
      activesupport (>= 3.0, < 5.2)
    delayed_job_active_record (4.1.2)
      activerecord (>= 3.0, < 5.2)
      delayed_job (>= 3.0, < 5)
    derailed_benchmarks (1.3.2)
      benchmark-ips (~> 2)
      get_process_mem (~> 0)
      heapy (~> 0)
      memory_profiler (~> 0)
      rack (>= 1)
      rake (> 10, < 13)
      thor (~> 0.19)
    devise (4.3.0)
      bcrypt (~> 3.0)
      orm_adapter (~> 0.1)
      railties (>= 4.1.0, < 5.2)
      responders
      warden (~> 1.2.3)
    diff-lcs (1.3)
    easy_translate (0.5.0)
      json
      thread
      thread_safe
    erubi (1.7.0)
    erubis (2.7.0)
    execjs (2.7.0)
    factory_girl (4.8.1)
      activesupport (>= 3.0.0)
    factory_girl_rails (4.8.0)
      factory_girl (~> 4.8.0)
      railties (>= 3.0.0)
    faker (1.8.4)
      i18n (~> 0.5)
    faraday (0.13.1)
      multipart-post (>= 1.2, < 3)
    ffi (1.9.18)
    figaro (1.1.1)
      thor (~> 0.14)
    font-awesome-rails (4.7.0.2)
      railties (>= 3.2, < 5.2)
    friendly_id (5.2.3)
      activerecord (>= 4.0.0)
    get_process_mem (0.2.1)
    gibbon (3.1.1)
      faraday (>= 0.9.1)
      multi_json (>= 1.11.0)
    globalid (0.4.0)
      activesupport (>= 4.2.0)
    globalize-accessors (0.2.1)
      globalize (~> 5.0, >= 5.0.0)
    gyoku (1.3.1)
      builder (>= 2.1.2)
    haml (5.0.4)
      temple (>= 0.8.0)
      tilt
    haml-rails (1.0.0)
      actionpack (>= 4.0.1)
      activesupport (>= 4.0.1)
      haml (>= 4.0.6, < 6.0)
      html2haml (>= 1.0.1)
      railties (>= 4.0.1)
    hashids (1.0.4)
    heapy (0.1.3)
    highline (1.7.8)
    html2haml (2.2.0)
      erubis (~> 2.7.0)
      haml (>= 4.0, < 6)
      nokogiri (>= 1.6.0)
      ruby_parser (~> 3.5)
    httpi (2.4.2)
      rack
      socksify
    i18n (0.8.6)
    i18n-tasks (0.9.18)
      activesupport (>= 4.0.2)
      ast (>= 2.1.0)
      easy_translate (>= 0.5.0)
      erubi
      highline (>= 1.7.3)
      i18n
      parser (>= 2.2.3.0)
      rainbow (~> 2.2)
      terminal-table (>= 1.5.1)
    io-like (0.3.0)
    jbuilder (2.7.0)
      activesupport (>= 4.2.0)
      multi_json (>= 1.2)
    json (2.1.0)
    jsonapi-renderer (0.1.3)
    launchy (2.4.3)
      addressable (~> 2.3)
    listen (3.0.8)
      rb-fsevent (~> 0.9, >= 0.9.4)
      rb-inotify (~> 0.9, >= 0.9.7)
    loofah (2.1.1)
      crass (~> 1.0.2)
      nokogiri (>= 1.5.9)
    mail (2.6.6)
      mime-types (>= 1.16, < 4)
    memory_profiler (0.9.8)
    metamagic (3.1.7)
      rails (>= 3.0.0)
    method_source (0.9.0)
    mime-types (3.1)
      mime-types-data (~> 3.2015)
    mime-types-data (3.2016.0521)
    mini_magick (4.8.0)
    mini_mime (0.1.4)
    mini_portile2 (2.3.0)
    minitest (5.10.3)
    multi_json (1.12.2)
    multipart-post (2.0.0)
    net-scp (1.2.1)
      net-ssh (>= 2.6.5)
    net-ssh (4.2.0)
    newrelic_rpm (4.5.0.337)
    nio4r (2.1.0)
    nokogiri (1.8.1)
      mini_portile2 (~> 2.3.0)
    nori (2.6.0)
    orm_adapter (0.5.0)
    parser (2.4.0.0)
      ast (~> 2.2)
    petrovich (1.1.1)
    pg (0.21.0)
    placeholdit (0.0.5)
    power_assert (1.1.0)
    pry (0.11.1)
      coderay (~> 1.1.0)
      method_source (~> 0.9.0)
    public_suffix (3.0.0)
    puma (3.10.0)
    rack (2.0.3)
    rack-attack (5.0.1)
      rack
    rack-proxy (0.6.2)
      rack
    rack-test (0.7.0)
      rack (>= 1.0, < 3)
    rails (5.1.4)
      actioncable (= 5.1.4)
      actionmailer (= 5.1.4)
      actionpack (= 5.1.4)
      actionview (= 5.1.4)
      activejob (= 5.1.4)
      activemodel (= 5.1.4)
      activerecord (= 5.1.4)
      activesupport (= 5.1.4)
      bundler (>= 1.3.0)
      railties (= 5.1.4)
      sprockets-rails (>= 2.0.0)
    rails-controller-testing (1.0.2)
      actionpack (~> 5.x, >= 5.0.1)
      actionview (~> 5.x, >= 5.0.1)
      activesupport (~> 5.x)
    rails-dom-testing (2.0.3)
      activesupport (>= 4.2.0)
      nokogiri (>= 1.6)
    rails-html-sanitizer (1.0.3)
      loofah (~> 2.0)
    rails-perftest (0.0.7)
    railties (5.1.4)
      actionpack (= 5.1.4)
      activesupport (= 5.1.4)
      method_source
      rake (>= 0.8.7)
      thor (>= 0.18.1, < 2.0)
    rainbow (2.2.2)
      rake
    rake (12.1.0)
    rb-fsevent (0.10.2)
    rb-inotify (0.9.10)
      ffi (>= 0.5.0, < 2)
    request_store (1.3.2)
    responders (2.4.0)
      actionpack (>= 4.2.0, < 5.3)
      railties (>= 4.2.0, < 5.3)
    rollbar (2.15.4)
      multi_json
    rspec-core (3.6.0)
      rspec-support (~> 3.6.0)
    rspec-expectations (3.6.0)
      diff-lcs (>= 1.2.0, < 2.0)
      rspec-support (~> 3.6.0)
    rspec-mocks (3.6.0)
      diff-lcs (>= 1.2.0, < 2.0)
      rspec-support (~> 3.6.0)
    rspec-rails (3.6.1)
      actionpack (>= 3.0)
      activesupport (>= 3.0)
      railties (>= 3.0)
      rspec-core (~> 3.6.0)
      rspec-expectations (~> 3.6.0)
      rspec-mocks (~> 3.6.0)
      rspec-support (~> 3.6.0)
    rspec-support (3.6.0)
    ruby-prof (0.16.2)
    ruby_parser (3.10.1)
      sexp_processor (~> 4.9)
    rubyzip (1.2.1)
    russian (0.6.0)
      i18n (>= 0.5.0)
    sass (3.5.2)
      sass-listen (~> 4.0.0)
    sass-listen (4.0.0)
      rb-fsevent (~> 0.9, >= 0.9.4)
      rb-inotify (~> 0.9, >= 0.9.7)
    sass-rails (5.0.6)
      railties (>= 4.0.0, < 6)
      sass (~> 3.1)
      sprockets (>= 2.8, < 4.0)
      sprockets-rails (>= 2.0, < 4.0)
      tilt (>= 1.1, < 3)
    savon (2.11.2)
      akami (~> 1.2)
      builder (>= 2.1.2)
      gyoku (~> 1.2)
      httpi (~> 2.3)
      nokogiri (>= 1.4.0)
      nori (~> 2.4)
      wasabi (~> 3.4)
    selenium-webdriver (3.6.0)
      childprocess (~> 0.5)
      rubyzip (~> 1.0)
    sexp_processor (4.10.0)
    sitemap_generator (6.0.0)
      builder (~> 3.0)
    socksify (1.7.1)
    spring (2.0.2)
      activesupport (>= 4.2)
    spring-watcher-listen (2.0.1)
      listen (>= 2.7, < 4.0)
      spring (>= 1.2, < 3.0)
    sprockets (3.7.1)
      concurrent-ruby (~> 1.0)
      rack (> 1, < 3)
    sprockets-rails (3.2.1)
      actionpack (>= 4.0)
      activesupport (>= 4.0)
      sprockets (>= 3.0.0)
    sshkit (1.14.0)
      net-scp (>= 1.1.2)
      net-ssh (>= 2.8.0)
    stackprof (0.2.10)
    temple (0.8.0)
    terminal-table (1.8.0)
      unicode-display_width (~> 1.1, >= 1.1.1)
    test-unit (3.2.6)
      power_assert
    thor (0.20.0)
    thread (0.2.2)
    thread_safe (0.3.6)
    tilt (2.0.8)
    translit (0.1.5)
    turbolinks (5.0.1)
      turbolinks-source (~> 5)
    turbolinks-source (5.0.3)
    tzinfo (1.2.3)
      thread_safe (~> 0.1)
    uglifier (3.2.0)
      execjs (>= 0.3.0, < 3)
    unicode-display_width (1.3.0)
    warden (1.2.7)
      rack (>= 1.0)
    wasabi (3.5.0)
      httpi (~> 2.0)
      nokogiri (>= 1.4.2)
    web-console (3.5.1)
      actionview (>= 5.0)
      activemodel (>= 5.0)
      bindex (>= 0.4.0)
      railties (>= 5.0)
    webpacker (3.0.2)
      activesupport (>= 4.2)
      rack-proxy (>= 0.6.1)
      railties (>= 4.2)
    websocket-driver (0.6.5)
      websocket-extensions (>= 0.1.0)
    websocket-extensions (0.1.2)
    whenever (0.9.7)
      chronic (>= 0.6.3)
    will_paginate (3.1.6)
    xpath (2.1.0)
      nokogiri (~> 1.3)

PLATFORMS
  ruby

DEPENDENCIES
  active_model_serializers
  activemodel-serializers-xml
  bootstrap-glyphicons
  bootsy
  byebug
  capistrano
  capistrano-bundler
  capistrano-figaro-yml
  capistrano-nvm
  capistrano-rails
  capistrano-rvm
  capistrano-yarn
  capistrano3-puma
  capybara
  carrierwave
  chromedriver-helper
  coffee-rails (~> 4.2)
  curb
  database_cleaner
  delayed_job_active_record
  derailed_benchmarks
  devise
  factory_girl_rails
  faker
  figaro
  font-awesome-rails
  friendly_id
  gibbon
  globalize!
  globalize-accessors
  haml-rails
  hashids
  i18n-tasks
  jbuilder (~> 2.5)
  launchy
  listen (~> 3.0.5)
  memory_profiler
  metamagic
  mini_magick
  newrelic_rpm
  petrovich
  pg
  placeholdit
  pry
  puma
  rack-attack
  rails
  rails-controller-testing
  rails-perftest
  rollbar
  rspec-rails
  ruby-prof
  russian
  sass-rails (~> 5.0)
  savon
  selenium-webdriver
  sitemap_generator
  spring
  spring-watcher-listen (~> 2.0.0)
  stackprof
  test-unit
  translit
  turbolinks (~> 5)
  tzinfo-data
  uglifier (>= 1.3.0)
  web-console (>= 3.3.0)
  webpacker
  whenever
  will_paginate

BUNDLED WITH
   1.16.0.pre.1
